PATH
  remote: .
  specs:
    octicons (4.0.0)

GEM
  remote: https://rubygems.org/
  specs:

PLATFORMS
  ruby

DEPENDENCIES
  octicons!

BUNDLED WITH
   1.11.2
